GEM
  remote: http://rubygems.org/
  specs:
    crack (0.1.8)
    httparty (0.6.1)
      crack (= 0.1.8)
    json (1.4.6)

PLATFORMS
  ruby

DEPENDENCIES
  httparty (~> 0.6.1)
  json (~> 1.4.6)
