GEM
  remote: http://rubygems.org/
  specs:
    crack (0.1.8)
    git (1.2.5)
    httparty (0.6.1)
      crack (= 0.1.8)
    jeweler (1.8.4)
      bundler (~> 1.0)
      git (>= 1.2.5)
      rake
      rdoc
    json (1.7.7)
    rake (10.0.3)
    rdoc (4.0.0)

PLATFORMS
  ruby

DEPENDENCIES
  httparty (>= 0.5)
  jeweler
  json
